{
    "Modality": "MR",
    "ManufacturersModelName": "nifti2dicom",
    "SoftwareVersions": "0.4.11",
    "SeriesDescription": "anat-T1w",
    "ProtocolName": "anat-T1w",
    "ImageType": ["DERIVED", "SECONDARY"],
    "RawImage": false,
    "SeriesNumber": 401,
    "AcquisitionTime": "13:25:18.000000",
    "AcquisitionNumber": 1,
    "SliceThickness": 0.666667,
    "SpacingBetweenSlices": 0.666667,
    "ImageOrientationPatientDICOM": [
        0.999032,
        -0.0217884,
        0.0382096,
        0.0265195,
        0.991414,
        -0.128044   ],
    "ConversionSoftware": "dcm2niix",
    "ConversionSoftwareVersion": "v1.0.20220720",
    "GeneratedBy": {
        "Id": "bids::sub-02/anat/#conversion-00f3a18f",
        "Type": "Activity",
        "Label": "Conversion",
        "Command": "dcm2niix -o . -f sub-%i/anat/sub-%i_T1w sourcedata/hirni-demo/acq1/dicoms/example-dicom-structural-master/dicoms",
        "AssociatedWith": {
            "Id": "bids::sub-02/anat/#dcm2niix-khhkm7u1",
            "Type": "Software",
            "Label": "dcm2niix",
            "Version": "v1.0.20220720"
        },
        "Used": [
          { 
            "Id": "bids::sub-02/anat/#fedora-uldfv058",
            "Type": "Entity",
            "Label": "Fedora release 36 (Thirty Six)",
            "OperatingSystem": "GNU/Linux 6.2.15-100.fc36.x86_64"
          },
          {
            "Id": "bids::sourcedata/hirni-demo/acq1/dicoms/example-dicom-structural-master/dicoms",
            "Type": "Entity",
            "Label": "dicoms"
          }
        ]
    }
}