{
  "AcquisitionDuration": 325.918,
  "AcquisitionMatrixPE": 80,
  "AcquisitionNumber": 4,
  "AcquisitionTime": "16:04:22.680000",
  "CoilString": "MULTI COIL",
  "ConversionSoftware": "dcm2niix",
  "ConversionSoftwareVersion": "v1.0.20220720",
  "EchoTime": 0.03,
  "EchoTrainLength": 43,
  "EstimatedEffectiveEchoSpacing": 0.000355975,
  "EstimatedTotalReadoutTime": 0.028122,
  "FlipAngle": 90,
  "HeudiconvVersion": "1.3.2",
  "ImageOrientationPatientDICOM": [0.999805, -0.0114282, 0.0161145, 0.0147905, 0.973763, -0.227084],
  "ImageType": [
    "ORIGINAL",
    "PRIMARY",
    "M",
    "FFE",
    "M",
    "FFE"
],
  "ImagingFrequency": 127.753,
  "InPlanePhaseEncodingDirectionDICOM": "COL",
  "MRAcquisitionType": "2D",
  "MTState": false,
  "MagneticFieldStrength": 3,
  "Manufacturer": "Philips",
  "ManufacturersModelName": "Achieva dStream",
  "Modality": "MR",
  "ParallelAcquisitionTechnique": "SENSE",
  "ParallelReductionFactorInPlane": 2,
  "PatientPosition": "HFS",
  "PercentPhaseFOV": 100,
  "PercentSampling": 100,
  "PhaseEncodingAxis": "j",
  "PhaseEncodingSteps": 80,
  "PhilipsRWVIntercept": 0,
  "PhilipsRWVSlope": 4.00757,
  "PhilipsRescaleIntercept": 0,
  "PhilipsRescaleSlope": 4.00757,
  "PhilipsScaleSlope": 0.0132383,
  "PixelBandwidth": 1920,
  "ProcedureStepDescription": "Transrep2",
  "ProtocolName": "func_task-oneback_run-1",
  "PulseSequenceName": "FEEPI",
  "ReconMatrixPE": 80,
  "RepetitionTime": 1.79355,
  "RepetitionTimeExcitation": 2,
  "SAR": 0.994626,
  "ScanOptions": "FS",
  "ScanningSequence": "GR",
  "SequenceVariant": "SK",
  "SeriesDescription": "func_task-oneback_run-1",
  "SeriesNumber": 401,
  "SliceThickness": 3,
  "SoftwareVersions": "5.1.1\\5.1.1.0",
  "SpacingBetweenSlices": 3.3,
  "TaskName": "oneback",
  "UsePhilipsFloatNotDisplayScaling": 1,
  "WaterFatShift": 12.4991}